PATH
  remote: .
  specs:
    runger_byebug (11.1.3)

GEM
  remote: https://rubygems.org/
  specs:
    activesupport (8.0.1)
      base64
      benchmark (>= 0.3)
      bigdecimal
      concurrent-ruby (~> 1.0, >= 1.3.1)
      connection_pool (>= 2.2.5)
      drb
      i18n (>= 1.6, < 2)
      logger (>= 1.4.2)
      minitest (>= 5.1)
      securerandom (>= 0.3)
      tzinfo (~> 2.0, >= 2.0.5)
      uri (>= 0.13.1)
    addressable (2.7.0)
      public_suffix (>= 2.0.2, < 5.0)
    base64 (0.2.0)
    benchmark (0.4.0)
    bigdecimal (3.1.9)
    chandler (0.9.0)
      netrc
      octokit (>= 2.2.0)
    coderay (1.1.3)
    concurrent-ruby (1.3.5)
    connection_pool (2.5.0)
    docile (1.3.4)
    drb (2.2.1)
    faraday (1.0.0)
      multipart-post (>= 1.2, < 3)
    i18n (1.14.7)
      concurrent-ruby (~> 1.0)
    logger (1.6.5)
    memo_wise (1.10.0)
    method_source (1.0.0)
    minitest (5.14.4)
    multipart-post (2.1.1)
    netrc (0.11.0)
    octokit (4.15.0)
      faraday (>= 0.9)
      sawyer (~> 0.8.0, >= 0.5.3)
    pry (0.14.1)
      coderay (~> 1.1)
      method_source (~> 1.0)
    public_suffix (4.0.3)
    rainbow (3.1.1)
    rake (13.0.3)
    rake-compiler (1.1.1)
      rake
    runger_release_assistant (1.0.0)
      activesupport (>= 6)
      memo_wise (>= 1.7)
      rainbow (>= 3.0)
      slop (~> 4.8)
    sawyer (0.8.2)
      addressable (>= 2.3.5)
      faraday (> 0.8, < 2.0)
    securerandom (0.4.1)
    simplecov (0.21.2)
      docile (~> 1.1)
      simplecov-html (~> 0.11)
      simplecov_json_formatter (~> 0.1)
    simplecov-html (0.12.3)
    simplecov_json_formatter (0.1.2)
    slop (4.10.1)
    tzinfo (2.0.6)
      concurrent-ruby (~> 1.0)
    uri (1.0.2)
    yard (0.9.26)

PLATFORMS
  ruby
  x86_64-linux

DEPENDENCIES
  bundler (~> 2.0)
  chandler (= 0.9.0)
  minitest (~> 5.11)
  pry (= 0.14.1)
  rake (~> 13.0)
  rake-compiler (~> 1.0)
  runger_byebug!
  runger_release_assistant
  simplecov (= 0.21.2)
  yard (= 0.9.26)

BUNDLED WITH
   2.3.26
